PATH
  remote: .
  specs:
    mini_rails (0.0.1)

GEM
  remote: https://rubygems.org/
  specs:
    minitest (5.14.0)
    rake (12.3.3)
    sqlite3 (1.4.2)

PLATFORMS
  ruby

DEPENDENCIES
  bundler (~> 2.0)
  mini_rails!
  minitest (~> 5.0)
  rake (~> 12.3)
  sqlite3

BUNDLED WITH
   2.0.2
